GEM
  remote: https://rubygems.org/
  specs:
    cairo (1.17.12)
      native-package-installer (>= 1.0.3)
      pkg-config (>= 1.2.2)
      red-colors
    cairo-gobject (4.2.0)
      cairo (>= 1.16.2)
      glib2 (= 4.2.0)
    classy_hash (1.0.0)
    fiddle (1.1.1)
    gdk_pixbuf2 (4.2.0)
      gio2 (= 4.2.0)
    gio2 (4.2.0)
      fiddle
      gobject-introspection (= 4.2.0)
    glib2 (4.2.0)
      native-package-installer (>= 1.0.3)
      pkg-config (>= 1.3.5)
    gobject-introspection (4.2.0)
      glib2 (= 4.2.0)
    highline (2.1.0)
    matrix (0.4.2)
    mercenary (0.4.0)
    native-package-installer (1.1.8)
    nokogiri (1.15.4-x86_64-linux)
      racc (~> 1.4)
    pango (4.2.0)
      cairo-gobject (= 4.2.0)
      gobject-introspection (= 4.2.0)
    pkg-config (1.5.5)
    racc (1.7.3)
    rainbow (3.1.1)
    rake (13.1.0)
    red-colors (0.3.0)
      matrix
    roo (2.10.0)
      nokogiri (~> 1)
      rubyzip (>= 1.3.0, < 3.0.0)
    rsvg2 (4.2.0)
      cairo-gobject (= 4.2.0)
      gdk_pixbuf2 (= 4.2.0)
    ruby-progressbar (1.13.0)
    rubyzip (2.3.2)
    squib (0.19.0)
      cairo (~> 1.17, >= 1.17.8)
      classy_hash (= 1.0.0)
      gio2 (~> 4.1, >= 4.1.2)
      gobject-introspection (~> 4.1, >= 4.1.2)
      highline (= 2.1.0)
      mercenary (= 0.4.0)
      nokogiri (~> 1.14, >= 1.14.2)
      pango (~> 4.1, >= 4.1.2)
      rainbow (~> 3.1)
      roo (~> 2.9)
      rsvg2 (~> 4.1, >= 4.1.2)
      ruby-progressbar (~> 1.11)

PLATFORMS
  x86_64-linux

DEPENDENCIES
  rake
  squib

BUNDLED WITH
   2.4.10
